GEM
  remote: http://rubygems.org/
  specs:
    actionmailer (2.3.5)
      actionpack (= 2.3.5)
    actionpack (2.3.5)
      activesupport (= 2.3.5)
      rack (~> 1.0.0)
    activerecord (2.3.5)
      activesupport (= 2.3.5)
    activeresource (2.3.5)
      activesupport (= 2.3.5)
    activesupport (2.3.5)
    annotate (2.0.2)
    authlogic (2.1.3)
      activesupport
    capistrano (2.5.19)
      highline
      net-scp (>= 1.0.0)
      net-sftp (>= 2.0.0)
      net-ssh (>= 2.0.14)
      net-ssh-gateway (>= 1.0.0)
    capistrano-ext (1.2.1)
      capistrano (>= 1.0.0)
    capistrano-helpers (0.5.0)
      capistrano (>= 2.0.0)
    compass (0.10.2)
      haml (>= 3.0.4)
    crack (0.1.8)
    eventmachine (0.12.10)
    git (1.2.5)
    haml (3.0.15)
    highline (1.6.1)
    hitch (0.6.0)
      highline (>= 1.5.0)
    hoptoad_notifier (2.3.5)
      activesupport
    httparty (0.6.1)
      crack (= 0.1.8)
    mime-types (1.16)
    net-scp (1.0.3)
      net-ssh (>= 1.99.1)
    net-sftp (2.0.5)
      net-ssh (>= 2.0.9)
    net-ssh (2.0.23)
    net-ssh-gateway (1.0.1)
      net-ssh (>= 1.99.1)
    newrelic_rpm (2.12.3)
    pg (0.9.0)
    rack (1.0.1)
    rails (2.3.5)
      actionmailer (= 2.3.5)
      actionpack (= 2.3.5)
      activerecord (= 2.3.5)
      activeresource (= 2.3.5)
      activesupport (= 2.3.5)
      rake (>= 0.8.3)
    rake (0.8.7)
    roauth (0.0.3)
    tinder (1.4.0)
      activesupport
      eventmachine
      httparty
      mime-types
      twitter-stream
    twitter-stream (0.1.8)
      eventmachine (>= 0.12.8)
      roauth (>= 0.0.2)
    will_paginate (2.3.12)

PLATFORMS
  ruby

DEPENDENCIES
  annotate (= 2.0.2)
  authlogic (= 2.1.3)
  capistrano (= 2.5.19)
  capistrano-ext (= 1.2.1)
  capistrano-helpers (= 0.5.0)
  compass (= 0.10.2)
  crack (= 0.1.8)
  eventmachine (= 0.12.10)
  git (= 1.2.5)
  haml (= 3.0.15)
  highline (= 1.6.1)
  hitch (= 0.6.0)
  hoptoad_notifier (= 2.3.5)
  httparty (= 0.6.1)
  newrelic_rpm (= 2.12.3)
  pg (= 0.9.0)
  rails (= 2.3.5)
  roauth (= 0.0.3)
  tinder (= 1.4.0)
  twitter-stream (= 0.1.8)
  will_paginate (= 2.3.12)
